PATH
  remote: .
  specs:
    net-ptth (0.0.2)
      celluloid-io (~> 0.12.1)
      http-parser-lite (~> 0.6.0)
      rack (~> 1.4.4)

GEM
  remote: http://rubygems.org/
  specs:
    celluloid (0.12.4)
      facter (>= 1.6.12)
      timers (>= 1.0.0)
    celluloid-io (0.12.1)
      celluloid (~> 0.12.0)
      nio4r (>= 0.4.0)
    facter (1.6.17)
    http-parser-lite (0.6.0)
    minitest (4.4.0)
    nio4r (0.4.3)
    rack (1.4.4)
    rake (10.0.3)
    timers (1.0.2)

PLATFORMS
  ruby

DEPENDENCIES
  minitest (~> 4.4.0)
  net-ptth!
  rake
