PATH
  remote: .
  specs:
    net-ptth (0.0.17)
      celluloid-io (>= 0.15.0)
      http_parser.rb (>= 0.6.0.beta.2)
      rack (>= 1.4.5)

GEM
  remote: http://rubygems.org/
  specs:
    celluloid (0.15.2)
      timers (~> 1.1.0)
    celluloid-io (0.15.0)
      celluloid (>= 0.15.0)
      nio4r (>= 0.5.0)
    cuba (3.1.0)
      rack
    http_parser.rb (0.6.0.beta.2)
    minitest (4.4.0)
    nio4r (2.5.8)
    rack (1.5.2)
    rack-protection (1.5.1)
      rack
    rake (10.1.0)
    sinatra (1.3.6)
      rack (~> 1.4)
      rack-protection (~> 1.3)
      tilt (~> 1.3, >= 1.3.3)
    tilt (1.4.1)
    timers (1.1.0)

PLATFORMS
  ruby

DEPENDENCIES
  cuba (~> 3.1.0)
  minitest (~> 4.4.0)
  net-ptth!
  rake
  sinatra (~> 1.3.3)

BUNDLED WITH
   2.3.24
