PATH
  remote: .
  specs:
    net-ptth (0.0.17)
      http_parser.rb (>= 0.6.0.beta.2)

GEM
  remote: http://rubygems.org/
  specs:
    cuba (3.9.3)
      rack (>= 1.6.0)
    http_parser.rb (0.8.0)
    minitest (4.4.0)
    mustermann (3.0.0)
      ruby2_keywords (~> 0.0.1)
    rack (2.2.4)
    rack-protection (3.0.2)
      rack
    rake (10.1.0)
    ruby2_keywords (0.0.5)
    sinatra (3.0.2)
      mustermann (~> 3.0)
      rack (~> 2.2, >= 2.2.4)
      rack-protection (= 3.0.2)
      tilt (~> 2.0)
    tilt (2.0.11)

PLATFORMS
  ruby

DEPENDENCIES
  cuba (< 4)
  minitest (~> 4.4.0)
  net-ptth!
  rake
  sinatra (< 4)

BUNDLED WITH
   2.1.4
