PATH
  remote: .
  specs:
    net-ptth (0.0.17)
      celluloid-io (>= 0.15.0)
      http_parser.rb (>= 0.6.0.beta.2)

GEM
  remote: http://rubygems.org/
  specs:
    celluloid (0.15.2)
      timers (~> 1.1.0)
    celluloid-io (0.15.0)
      celluloid (>= 0.15.0)
      nio4r (>= 0.5.0)
    cuba (3.9.3)
      rack (>= 1.6.0)
    http_parser.rb (0.6.0.beta.2)
    minitest (4.4.0)
    mustermann (3.0.0)
      ruby2_keywords (~> 0.0.1)
    nio4r (2.5.8)
    rack (2.2.4)
    rack-protection (3.0.2)
      rack
    rake (10.1.0)
    ruby2_keywords (0.0.5)
    sinatra (3.0.2)
      mustermann (~> 3.0)
      rack (~> 2.2, >= 2.2.4)
      rack-protection (= 3.0.2)
      tilt (~> 2.0)
    tilt (2.0.11)
    timers (1.1.0)

PLATFORMS
  ruby

DEPENDENCIES
  cuba (< 4)
  minitest (~> 4.4.0)
  net-ptth!
  rake
  sinatra (< 4)
