PATH
  remote: .
  specs:
    net-ptth (0.0.8)
      celluloid-io (~> 0.15.0)
      http_parser.rb (~> 0.5.3)
      rack (~> 1.4.5)

GEM
  remote: http://rubygems.org/
  specs:
    celluloid (0.15.1)
      timers (~> 1.1.0)
    celluloid-io (0.15.0)
      celluloid (>= 0.15.0)
      nio4r (>= 0.5.0)
    columnize (0.3.6)
    cuba (3.1.0)
      rack
    debugger (1.6.2)
      columnize (>= 0.3.1)
      debugger-linecache (~> 1.2.0)
      debugger-ruby_core_source (~> 1.2.3)
    debugger-linecache (1.2.0)
    debugger-ruby_core_source (1.2.3)
    http_parser.rb (0.5.3)
    minitest (4.4.0)
    nio4r (0.5.0)
    rack (1.4.5)
    rack-protection (1.5.0)
      rack
    rake (10.1.0)
    sinatra (1.3.6)
      rack (~> 1.4)
      rack-protection (~> 1.3)
      tilt (~> 1.3, >= 1.3.3)
    tilt (1.4.1)
    timers (1.1.0)

PLATFORMS
  ruby

DEPENDENCIES
  cuba (~> 3.1.0)
  debugger
  minitest (~> 4.4.0)
  net-ptth!
  rake
  sinatra (~> 1.3.3)
