PATH
  remote: .
  specs:
    net-ptth (0.0.2)
      celluloid-io (~> 0.12.1)
      http-parser-lite (~> 0.6.0)
      rack (~> 1.4.4)

GEM
  remote: http://rubygems.org/
  specs:
    celluloid (0.12.4)
      facter (>= 1.6.12)
      timers (>= 1.0.0)
    celluloid-io (0.12.1)
      celluloid (~> 0.12.0)
      nio4r (>= 0.4.0)
    columnize (0.3.6)
    cuba (3.1.0)
      rack
    debugger (1.2.0)
      columnize (>= 0.3.1)
      debugger-linecache (~> 1.1.1)
      debugger-ruby_core_source (~> 1.1.3)
    debugger-linecache (1.1.2)
      debugger-ruby_core_source (>= 1.1.1)
    debugger-ruby_core_source (1.1.3)
    facter (1.6.17)
    http-parser-lite (0.6.0)
    minitest (4.4.0)
    nio4r (0.4.3)
    rack (1.4.4)
    rack-protection (1.2.0)
      rack
    rake (10.0.3)
    sinatra (1.3.3)
      rack (~> 1.3, >= 1.3.6)
      rack-protection (~> 1.2)
      tilt (~> 1.3, >= 1.3.3)
    tilt (1.3.3)
    timers (1.0.2)

PLATFORMS
  ruby

DEPENDENCIES
  cuba (~> 3.1.0)
  debugger
  minitest (~> 4.4.0)
  net-ptth!
  rake
  sinatra (~> 1.3.3)
