PATH
  remote: .
  specs:
    net-ptth (0.0.17)
      http_parser.rb (>= 0.6.0.beta.2)
      rack (>= 1.4.5)

GEM
  remote: http://rubygems.org/
  specs:
    cuba (3.1.0)
      rack
    http_parser.rb (0.8.0)
    minitest (4.4.0)
    rack (1.5.2)
    rack-protection (1.5.1)
      rack
    rake (10.1.0)
    sinatra (1.3.6)
      rack (~> 1.4)
      rack-protection (~> 1.3)
      tilt (~> 1.3, >= 1.3.3)
    tilt (1.4.1)

PLATFORMS
  ruby

DEPENDENCIES
  cuba (~> 3.1.0)
  minitest (~> 4.4.0)
  net-ptth!
  rake
  sinatra (~> 1.3.3)

BUNDLED WITH
   2.1.4
